GEM
  remote: https://rubygems.org/
  specs:
    net-ssh (3.2.0)
    thor (0.19.1)

PLATFORMS
  ruby

DEPENDENCIES
  net-ssh
  thor

BUNDLED WITH
   1.13.5
